GEM
  remote: https://rubygems.org/
  specs:
    byebug (10.0.2)
    coderay (1.1.2)
    dropbox_api (0.1.15)
      faraday (>= 0.8, <= 0.15.2)
      oauth2 (>= 1.1, <= 1.4)
    faraday (0.12.2)
      multipart-post (>= 1.2, < 3)
    jwt (1.5.6)
    method_source (0.9.2)
    multi_json (1.13.1)
    multi_xml (0.6.0)
    multipart-post (2.0.0)
    oauth2 (1.4.0)
      faraday (>= 0.8, < 0.13)
      jwt (~> 1.0)
      multi_json (~> 1.3)
      multi_xml (~> 0.5)
      rack (>= 1.2, < 3)
    pry (0.12.2)
      coderay (~> 1.1.0)
      method_source (~> 0.9.0)
    pry-byebug (3.6.0)
      byebug (~> 10.0)
      pry (~> 0.10)
    rack (2.2.6.3)

PLATFORMS
  ruby

DEPENDENCIES
  dropbox_api
  pry
  pry-byebug

BUNDLED WITH
   2.0.1
